GEM
  remote: https://rubygems.org/
  specs:
    ethon (0.6.1)
      ffi (>= 1.3.0)
      mime-types (~> 1.18)
    ffi (1.9.0)
    json (1.8.0)
    mime-types (1.25)
    redis (3.0.4)
    riak (0.0.1.pre)
      typhoeus
    typhoeus (0.6.5)
      ethon (~> 0.6.1)

PLATFORMS
  ruby

DEPENDENCIES
  json
  redis
  riak
